PATH
  remote: .
  specs:
    okapi (0.1.0)

GEM
  remote: https://rubygems.org/
  specs:
    base64 (0.1.0)
    docile (1.4.0)
    ffi (1.15.3-x64-mingw32)
    google-protobuf (3.17.3-x64-mingw32)
    minitest (5.14.4)
    os (1.1.1)
    rake (12.3.3)
    simplecov (0.21.2)
      docile (~> 1.1)
      simplecov-html (~> 0.11)
      simplecov_json_formatter (~> 0.1)
    simplecov-cobertura (1.4.2)
      simplecov (~> 0.8)
    simplecov-html (0.12.3)
    simplecov_json_formatter (0.1.3)

PLATFORMS
  x64-mingw32

DEPENDENCIES
  base64
  ffi
  google-protobuf
  minitest (~> 5.0)
  okapi!
  os
  rake (~> 12.0)
  simplecov
  simplecov-cobertura

BUNDLED WITH
   2.1.4
